GEM
  remote: https://rubygems.org/
  specs:
    addressable (2.3.6)
    net-http-persistent (2.9.4)
    rack (1.5.2)
    rack-protection (1.5.3)
      rack
    rack-wwwhisper (1.1.8)
      addressable (~> 2.0)
      net-http-persistent
      rack (~> 1.0)
    sinatra (1.4.5)
      rack (~> 1.4)
      rack-protection (~> 1.4)
      tilt (~> 1.3, >= 1.3.4)
    tilt (1.4.1)

PLATFORMS
  ruby

DEPENDENCIES
  rack-wwwhisper (~> 1.0)
  sinatra
