GEM
  remote: https://rubygems.org/
  specs:
    addressable (2.3.3)
    net-http-persistent (2.8)
    rack (1.5.2)
    rack-protection (1.5.0)
      rack
    rack-wwwhisper (1.1.5)
      addressable (~> 2.0)
      net-http-persistent
      rack (~> 1.0)
    sinatra (1.4.1)
      rack (~> 1.5, >= 1.5.2)
      rack-protection (~> 1.4)
      tilt (~> 1.3, >= 1.3.4)
    tilt (1.3.6)

PLATFORMS
  ruby

DEPENDENCIES
  rack-wwwhisper (~> 1.0)
  sinatra
