GEM
  remote: https://rubygems.org/
  specs:
    addressable (2.3.2)
    net-http-persistent (2.8)
    rack (1.4.4)
    rack-protection (1.3.2)
      rack
    rack-wwwhisper (1.0.5)
      addressable (~> 2.0)
      net-http-persistent
      rack (~> 1.0)
    sinatra (1.3.3)
      rack (~> 1.3, >= 1.3.6)
      rack-protection (~> 1.2)
      tilt (~> 1.3, >= 1.3.3)
    tilt (1.3.3)

PLATFORMS
  ruby

DEPENDENCIES
  rack-wwwhisper (~> 1.0)
  sinatra
