GEM
  remote: https://rubygems.org/
  specs:
    addressable (2.8.1)
      public_suffix (>= 2.0.2, < 6.0)
    connection_pool (2.3.0)
    mustermann (3.0.0)
      ruby2_keywords (~> 0.0.1)
    net-http-persistent (4.0.1)
      connection_pool (~> 2.2)
    public_suffix (5.0.0)
    rack (2.2.4)
    rack-protection (3.0.3)
      rack
    rack-wwwhisper (1.1.15)
      addressable (~> 2.0)
      net-http-persistent (< 5.0)
      rack (>= 1.0)
    ruby2_keywords (0.0.5)
    sinatra (3.0.3)
      mustermann (~> 3.0)
      rack (~> 2.2, >= 2.2.4)
      rack-protection (= 3.0.3)
      tilt (~> 2.0)
    tilt (2.0.11)
    webrick (1.7.0)

PLATFORMS
  ruby

DEPENDENCIES
  rack-wwwhisper (~> 1.0)
  sinatra
  webrick

RUBY VERSION
   ruby 3.1.2p20

BUNDLED WITH
   2.3.7
